PATH
  remote: .
  specs:
    web_user (0.1.4)
      watir-webdriver (= 0.2.9)

GEM
  remote: http://rubygems.org/
  specs:
    childprocess (0.2.2)
      ffi (~> 1.0.6)
    diff-lcs (1.1.2)
    ffi (1.0.9)
    json_pure (1.6.1)
    rspec (2.6.0)
      rspec-core (~> 2.6.0)
      rspec-expectations (~> 2.6.0)
      rspec-mocks (~> 2.6.0)
    rspec-core (2.6.4)
    rspec-expectations (2.6.0)
      diff-lcs (~> 1.1.2)
    rspec-mocks (2.6.0)
    rubyzip (0.9.4)
    selenium-webdriver (2.6.0)
      childprocess (>= 0.2.1)
      ffi (>= 1.0.7)
      json_pure
      rubyzip
    simplecov (0.4.2)
      simplecov-html (~> 0.4.4)
    simplecov-html (0.4.5)
    watir-webdriver (0.2.9)
      selenium-webdriver (>= 0.2.2)

PLATFORMS
  ruby

DEPENDENCIES
  rspec (= 2.6.0)
  simplecov (>= 0.4.0)
  web_user!
